GEM
  specs:

PLATFORMS
  java

DEPENDENCIES
