GEM
  remote: https://rubygems.org/
  specs:
    backports (3.6.5)
    mail (2.6.3)
      mime-types (>= 1.16, < 3)
    mime-types (2.6.1)
    monkey-lib (0.5.4)
      backports
    multi_json (1.11.2)
    pony (1.11)
      mail (>= 2.0)
    rack (1.6.4)
    rack-protection (1.5.3)
      rack
    rack-test (0.6.3)
      rack (>= 1.0)
    sinatra (1.4.6)
      rack (~> 1.4)
      rack-protection (~> 1.4)
      tilt (>= 1.3, < 3)
    sinatra-advanced-routes (0.5.3)
      sinatra (~> 1.0)
    sinatra-contrib (1.4.6)
      backports (>= 2.0)
      multi_json
      rack-protection
      rack-test
      sinatra (~> 1.4.0)
      tilt (>= 1.3, < 3)
    sinatra-reloader (1.0)
      sinatra-contrib
    sinatra-sugar (0.5.1)
      monkey-lib (~> 0.5.0)
      sinatra (~> 1.0)
    sugar (0.0.42)
    tilt (2.0.1)

PLATFORMS
  java

DEPENDENCIES
  monkey-lib
  pony
  sinatra
  sinatra-advanced-routes
  sinatra-contrib
  sinatra-reloader
  sinatra-sugar
  sugar
  tilt

BUNDLED WITH
   1.10.6
