GEM
  remote: https://rubygems.org/
  specs:
    backports (3.6.0)
    mail (2.5.4)
      mime-types (~> 1.16)
      treetop (~> 1.4.8)
    mime-types (1.25.1)
    monkey-lib (0.5.4)
      backports
    polyglot (0.3.4)
    pony (1.2)
      mail (> 2.0)
    rack (1.5.2)
    sinatra (1.2.6)
      rack (~> 1.1)
      tilt (>= 1.2.2, < 2.0)
      tilt (>= 1.2.2, < 2.0)
    sinatra-advanced-routes (0.5.1)
      monkey-lib (~> 0.5.0)
      sinatra (~> 1.0)
      sinatra-sugar (~> 0.5.0)
    sinatra-reloader (0.5.0)
      sinatra (~> 1.0)
      sinatra-advanced-routes (~> 0.5.0)
    sinatra-sugar (0.5.1)
      monkey-lib (~> 0.5.0)
      sinatra (~> 1.0)
    sugar (0.0.42)
    tilt (1.3)
    treetop (1.4.15)
      polyglot
      polyglot (>= 0.3.1)

PLATFORMS
  java

DEPENDENCIES
  monkey-lib (= 0.5.4)
  pony (= 1.2)
  sinatra (= 1.2.6)
  sinatra-advanced-routes (= 0.5.1)
  sinatra-reloader (= 0.5.0)
  sinatra-sugar (= 0.5.1)
  sugar (= 0.0.42)
  tilt (= 1.3)
